GEM
  remote: https://rubygems.org/
  specs:
    diff-lcs (1.5.0)
    json (2.6.2)
    rack (1.6.13)
    rack-protection (1.5.5)
      rack
    rspec (3.11.0)
      rspec-core (~> 3.11.0)
      rspec-expectations (~> 3.11.0)
      rspec-mocks (~> 3.11.0)
    rspec-core (3.11.0)
      rspec-support (~> 3.11.0)
    rspec-expectations (3.11.1)
      diff-lcs (>= 1.2.0, < 2.0)
      rspec-support (~> 3.11.0)
    rspec-mocks (3.11.1)
      diff-lcs (>= 1.2.0, < 2.0)
      rspec-support (~> 3.11.0)
    rspec-support (3.11.1)
    sinatra (1.4.8)
      rack (~> 1.5)
      rack-protection (~> 1.4)
      tilt (>= 1.3, < 3)
    tilt (2.0.11)
    tokenizer (0.3.0)

PLATFORMS
  x86_64-linux

DEPENDENCIES
  json (~> 2.6, >= 2.6.2)
  rspec (~> 3.11)
  sinatra (~> 1.4, >= 1.4.7)
  tokenizer (~> 0.3.0)

BUNDLED WITH
   2.3.22
